PATH
  remote: .
  specs:
    sepa_file_parser (0.7.0)
      bigdecimal
      nokogiri
      time

GEM
  remote: https://rubygems.org/
  specs:
    bigdecimal (3.1.8)
    builder (3.2.4)
    date (3.3.4)
    diff-lcs (1.5.1)
    nokogiri (1.18.9-arm64-darwin)
      racc (~> 1.4)
    nokogiri (1.18.9-x86_64-linux-gnu)
      racc (~> 1.4)
    racc (1.8.1)
    rake (13.2.1)
    rspec (3.13.0)
      rspec-core (~> 3.13.0)
      rspec-expectations (~> 3.13.0)
      rspec-mocks (~> 3.13.0)
    rspec-core (3.13.0)
      rspec-support (~> 3.13.0)
    rspec-expectations (3.13.0)
      diff-lcs (>= 1.2.0, < 2.0)
      rspec-support (~> 3.13.0)
    rspec-mocks (3.13.1)
      diff-lcs (>= 1.2.0, < 2.0)
      rspec-support (~> 3.13.0)
    rspec-support (3.13.1)
    time (0.3.0)
      date

PLATFORMS
  arm64-darwin-24
  x86_64-linux

DEPENDENCIES
  builder (~> 3.2.4)
  rake (~> 13.2.1)
  rspec (~> 3.13.0)
  sepa_file_parser!

BUNDLED WITH
   2.6.5
